GEM
  remote: http://rubygems.org/
  specs:
    grape (0.2.1)
      hashie (~> 1.2)
      multi_json
      multi_xml
      rack
      rack-mount
    hashie (1.2.0)
    multi_json (1.3.6)
    multi_xml (0.5.1)
    net-ldap (0.3.1)
    rack (1.4.1)
    rack-mount (0.8.3)
      rack (>= 1.0.0)
    settingslogic (2.0.8)

PLATFORMS
  ruby

DEPENDENCIES
  grape
  net-ldap
  settingslogic
