GEM
  remote: http://rubygems.org/
  specs:
    activeldap (3.1.1)
      activemodel (~> 3.1.0)
      fast_gettext
      gettext_i18n_rails
      locale
    activemodel (3.1.0)
      activesupport (= 3.1.0)
      bcrypt-ruby (~> 3.0.0)
      builder (~> 3.0.0)
      i18n (~> 0.6)
    activesupport (3.1.0)
      multi_json (~> 1.0)
    bcrypt-ruby (3.0.1)
    builder (3.0.0)
    fast_gettext (0.6.9)
    garner (0.1.3)
      activesupport
      json
      multi_json (>= 1.3.0)
      rack
    gettext_i18n_rails (0.6.6)
      fast_gettext
    grape (0.2.1)
      hashie (~> 1.2)
      multi_json
      multi_xml
      rack
      rack-mount
    hashie (1.2.0)
    i18n (0.6.0)
    json (1.7.5)
    locale (2.0.5)
    multi_json (1.3.6)
    multi_xml (0.5.1)
    net-ldap (0.3.1)
    rack (1.4.1)
    rack-mount (0.8.3)
      rack (>= 1.0.0)
    rails_config (0.3.1)
      activesupport (>= 3.0)

PLATFORMS
  ruby

DEPENDENCIES
  activeldap
  activesupport (<= 3.1.0)
  garner
  grape
  net-ldap
  rack
  rails_config
